GEM
  remote: http://rubygems.org/
  specs:
    chunky_png (1.2.7)
    coderay (1.0.8)
    compass (0.12.2)
      chunky_png (~> 1.2)
      fssm (>= 0.2.7)
      sass (~> 3.1)
    fssm (0.2.10)
    haml (4.0.0)
      tilt
    haml-contrib (1.0.0)
      haml (>= 3.2.0.alpha.13)
    method_source (0.8.1)
    pry (0.9.12)
      coderay (~> 1.0.5)
      method_source (~> 0.8)
      slop (~> 3.4)
    rake (10.0.3)
    redcarpet (2.2.2)
    sass (3.2.5)
    slop (3.4.3)
    tilt (1.3.3)

PLATFORMS
  ruby

DEPENDENCIES
  compass
  haml
  haml-contrib
  pry
  rake
  redcarpet
  sass
